PATH
  remote: .
  specs:
    reviewer (0.1.5)
      rainbow
      slop

GEM
  remote: https://rubygems.org/
  specs:
    ast (2.4.2)
    bundler-audit (0.9.0.1)
      bundler (>= 1.2.0, < 3)
      thor (~> 1.0)
    codecov (0.6.0)
      simplecov (>= 0.15, < 0.22)
    coderay (1.1.3)
    docile (1.4.0)
    erubis (2.7.0)
    flay (2.12.1)
      erubis (~> 2.7.0)
      path_expander (~> 1.0)
      ruby_parser (~> 3.0)
      sexp_processor (~> 4.0)
    flog (4.6.4)
      path_expander (~> 1.0)
      ruby_parser (~> 3.1, > 3.1.0)
      sexp_processor (~> 4.8)
    inch (0.8.0)
      pry
      sparkr (>= 0.2.0)
      term-ansicolor
      yard (~> 0.9.12)
    kwalify (0.7.2)
    method_source (1.0.0)
    minitest (5.15.0)
    minitest-heat (1.1.0)
      minitest
    parallel (1.21.0)
    parser (3.0.3.2)
      ast (~> 2.4.1)
    path_expander (1.1.0)
    pry (0.14.1)
      coderay (~> 1.1)
      method_source (~> 1.0)
    psych (4.0.3)
      stringio
    rainbow (3.0.0)
    rake (13.0.6)
    reek (6.0.6)
      kwalify (~> 0.7.0)
      parser (~> 3.0.0)
      rainbow (>= 2.0, < 4.0)
    regexp_parser (2.2.0)
    rexml (3.2.5)
    rubocop (1.23.0)
      parallel (~> 1.10)
      parser (>= 3.0.0.0)
      rainbow (>= 2.2.2, < 4.0)
      regexp_parser (>= 1.8, < 3.0)
      rexml
      rubocop-ast (>= 1.12.0, < 2.0)
      ruby-progressbar (~> 1.7)
      unicode-display_width (>= 1.4.0, < 3.0)
    rubocop-ast (1.15.0)
      parser (>= 3.0.1.1)
    rubocop-minitest (0.17.0)
      rubocop (>= 0.90, < 2.0)
    rubocop-rake (0.6.0)
      rubocop (~> 1.0)
    ruby-progressbar (1.11.0)
    ruby_parser (3.18.1)
      sexp_processor (~> 4.16)
    sexp_processor (4.16.0)
    simplecov (0.21.2)
      docile (~> 1.1)
      simplecov-html (~> 0.11)
      simplecov_json_formatter (~> 0.1)
    simplecov-html (0.12.3)
    simplecov_json_formatter (0.1.3)
    slop (4.9.1)
    sparkr (0.4.1)
    stringio (3.0.1)
    sync (0.5.0)
    term-ansicolor (1.7.1)
      tins (~> 1.0)
    thor (1.1.0)
    tins (1.29.1)
      sync
    unicode-display_width (2.1.0)
    webrick (1.7.0)
    yard (0.9.27)
      webrick (~> 1.7.0)

PLATFORMS
  ruby
  x86_64-darwin-20
  x86_64-linux

DEPENDENCIES
  bundler-audit
  codecov
  flay
  flog
  inch
  minitest
  minitest-heat
  psych
  rake (~> 13.0)
  reek
  reviewer!
  rubocop
  rubocop-minitest
  rubocop-rake
  simplecov
  yard

BUNDLED WITH
   2.2.33
